GEM
  remote: https://rubygems.org/
  specs:
    event_emitter (0.2.5)
    httparty (0.13.7)
      json (~> 1.8)
      multi_xml (>= 0.5.2)
    json (1.8.3)
    multi_xml (0.5.5)
    socket.io-client-simple (1.2.1)
      event_emitter
      httparty
      json
      websocket-client-simple (~> 0.3.0)
    websocket (1.2.3)
    websocket-client-simple (0.3.0)
      event_emitter
      websocket

PLATFORMS
  ruby

DEPENDENCIES
  socket.io-client-simple

BUNDLED WITH
   1.10.6
